GEM
  remote: https://rubygems.org/
  specs:
    addressable (2.3.6)
    httparty (0.13.3)
      json (~> 1.8)
      multi_xml (>= 0.5.2)
    json (1.8.2)
    launchy (2.4.3)
      addressable (~> 2.3)
    mdpress (0.0.18)
      httparty (~> 0.13)
      launchy (~> 2.2)
      redcarpet (~> 3.1)
      trollop (~> 2.0)
    multi_xml (0.5.5)
    rake (10.4.2)
    redcarpet (3.2.2)
    trollop (2.1.1)

PLATFORMS
  ruby

DEPENDENCIES
  mdpress
  rake
